GIT
  remote: git://github.com/mitchellh/vagrant.git
  revision: 7df5cf6c9df8357669fe54bc4154fbde2e0b1d68
  specs:
    vagrant (0.8.3.dev)
      archive-tar-minitar (= 0.5.2)
      erubis (~> 2.7.0)
      i18n (~> 0.5.0)
      json (~> 1.5.1)
      net-scp (~> 1.0.4)
      net-ssh (~> 2.1.4)
      thor (~> 0.14.6)
      virtualbox (~> 0.9.1)

PATH
  remote: .
  specs:
    vagrant-rake (0.1.0)
      vagrant (>= 0.6.0)

GEM
  remote: http://rubygems.org/
  specs:
    archive-tar-minitar (0.5.2)
    erubis (2.7.0)
    ffi (1.0.9)
    i18n (0.5.0)
    json (1.5.3)
    mocha (0.9.12)
    net-scp (1.0.4)
      net-ssh (>= 1.99.1)
    net-ssh (2.1.4)
    protest (0.4.2)
    thor (0.14.6)
    virtualbox (0.9.1)
      ffi (~> 1.0.9)

PLATFORMS
  ruby

DEPENDENCIES
  mocha (~> 0.9.8)
  protest (~> 0.4.0)
  vagrant!
  vagrant-rake!
